GEM
  remote: https://rubygems.org/
  specs:
    cinch (2.2.4)
    sqlite3 (1.3.10)

PLATFORMS
  ruby

DEPENDENCIES
  cinch
  sqlite3
